GIT
  remote: https://github.com/opensuse/jekyll-theme.git
  revision: cd9f09233373db2bda95e1324a37c1fe54f19a55
  specs:
    jekyll-theme-opensuse (0.7.1)
      jekyll
      jekyll-archives
      jekyll-paginate

GEM
  remote: https://rubygems.org/
  specs:
    activemodel (7.0.3.1)
      activesupport (= 7.0.3.1)
    activerecord (7.0.3.1)
      activemodel (= 7.0.3.1)
      activesupport (= 7.0.3.1)
    activerecord-utils (0.4.1)
      activerecord
      logutils
    activesupport (7.0.3.1)
      concurrent-ruby (~> 1.0, >= 1.0.2)
      i18n (>= 1.6, < 2)
      minitest (>= 5.1)
      tzinfo (~> 2.0)
    activityutils (0.1.2)
      logutils (>= 0.6.1)
    addressable (2.8.0)
      public_suffix (>= 2.0.2, < 5.0)
    colorator (1.1.0)
    concurrent-ruby (1.1.10)
    date-formatter (0.1.1)
    em-websocket (0.5.3)
      eventmachine (>= 0.12.9)
      http_parser.rb (~> 0)
    eventmachine (1.2.7)
    faraday (1.8.0)
      faraday-em_http (~> 1.0)
      faraday-em_synchrony (~> 1.0)
      faraday-excon (~> 1.1)
      faraday-httpclient (~> 1.0.1)
      faraday-net_http (~> 1.0)
      faraday-net_http_persistent (~> 1.1)
      faraday-patron (~> 1.0)
      faraday-rack (~> 1.0)
      multipart-post (>= 1.2, < 3)
      ruby2_keywords (>= 0.0.4)
    faraday-em_http (1.0.0)
    faraday-em_synchrony (1.0.0)
    faraday-excon (1.1.0)
    faraday-httpclient (1.0.1)
    faraday-net_http (1.0.1)
    faraday-net_http_persistent (1.2.0)
    faraday-patron (1.0.0)
    faraday-rack (1.0.0)
    feedfilter (1.1.1)
      textutils (>= 1.0.1)
    feedparser (2.2.0)
      logutils (>= 0.6.1)
      textutils (>= 1.0.0)
    fetcher (0.4.5)
      logutils (>= 0.6)
    ffi (1.15.4)
    forwardable-extended (2.6.0)
    gli (2.20.1)
    http_parser.rb (0.8.0)
    i18n (1.11.0)
      concurrent-ruby (~> 1.0)
    iniparser (1.0.1)
    jekyll (4.2.1)
      addressable (~> 2.4)
      colorator (~> 1.0)
      em-websocket (~> 0.5)
      i18n (~> 1.0)
      jekyll-sass-converter (~> 2.0)
      jekyll-watch (~> 2.0)
      kramdown (~> 2.3)
      kramdown-parser-gfm (~> 1.0)
      liquid (~> 4.0)
      mercenary (~> 0.4.0)
      pathutil (~> 0.9)
      rouge (~> 3.0)
      safe_yaml (~> 1.0)
      terminal-table (~> 2.0)
    jekyll-archives (2.2.1)
      jekyll (>= 3.6, < 5.0)
    jekyll-paginate (1.1.0)
    jekyll-paginate-v2 (3.0.0)
      jekyll (>= 3.0, < 5.0)
    jekyll-sass-converter (2.1.0)
      sassc (> 2.0.1, < 3.0)
    jekyll-watch (2.2.1)
      listen (~> 3.0)
    kramdown (2.3.1)
      rexml
    kramdown-parser-gfm (1.1.0)
      kramdown (~> 2.0)
    liquid (4.0.3)
    listen (3.7.0)
      rb-fsevent (~> 0.10, >= 0.10.3)
      rb-inotify (~> 0.9, >= 0.9.10)
    logutils (0.6.1)
    logutils-activerecord (0.2.1)
      activerecord
      logutils (>= 0.6.1)
    mercenary (0.4.0)
    mini_portile2 (2.8.0)
    minitest (5.16.2)
    multipart-post (2.1.1)
    nokogiri (1.13.6)
      mini_portile2 (~> 2.8.0)
      racc (~> 1.4)
    nokogiri (1.13.6-x86_64-linux)
      racc (~> 1.4)
    opmlparser (1.0.1)
    pakman (1.1.0)
      fetcher (>= 0.4.5)
      liquid (>= 4.0.0)
      logutils (>= 0.6.1)
    pathutil (0.16.2)
      forwardable-extended (~> 2.6)
    pluto (1.3.4)
      gli (>= 2.12.2)
      pluto-merge (>= 1.1.0)
      pluto-models (>= 1.5.4)
      pluto-tasks (>= 1.5.3)
      pluto-update (>= 1.6.3)
      sqlite3
    pluto-feedfetcher (0.1.6)
      fetcher (>= 0.4.5)
      pluto-models (>= 1.5.4)
    pluto-merge (1.1.0)
      fetcher (>= 0.4.4)
      pakman (>= 0.5.0)
      pluto-models (>= 1.2.2)
    pluto-models (1.6.2)
      activerecord
      activerecord-utils (>= 0.4.0)
      activityutils (>= 0.1.1)
      date-formatter (>= 0.1.1)
      feedfilter (>= 1.1.1)
      feedparser (>= 2.1.2)
      logutils (>= 0.6.1)
      logutils-activerecord (>= 0.2.1)
      props (>= 1.2.0)
      props-activerecord (>= 0.2.0)
      textutils (>= 1.4.0)
    pluto-tasks (1.5.3)
      pluto-models (>= 1.4.0)
      pluto-update (>= 1.6.0)
    pluto-update (1.6.4)
      opmlparser (>= 1.0.0)
      pluto-feedfetcher (>= 0.1.4)
      pluto-models (>= 1.6.2)
    props (1.2.0)
      iniparser (>= 0.1.0)
    props-activerecord (0.2.0)
      activerecord
      props (>= 1.2.0)
    public_suffix (4.0.6)
    racc (1.6.0)
    rake (13.0.6)
    rb-fsevent (0.11.0)
    rb-inotify (0.10.1)
      ffi (~> 1.0)
    rexml (3.2.5)
    rouge (3.27.0)
    ruby2_keywords (0.0.5)
    rubyzip (2.3.2)
    safe_yaml (1.0.5)
    sassc (2.4.0)
      ffi (~> 1.9)
    sqlite3 (1.4.2)
    terminal-table (2.0.0)
      unicode-display_width (~> 1.1, >= 1.1.1)
    textutils (1.4.0)
      activesupport
      logutils (>= 0.6.1)
      props (>= 1.1.2)
      rubyzip (>= 1.0.0)
    tzinfo (2.0.4)
      concurrent-ruby (~> 1.0)
    unicode-display_width (1.8.0)

PLATFORMS
  ruby
  x86_64-linux

DEPENDENCIES
  faraday
  jekyll
  jekyll-paginate-v2
  jekyll-theme-opensuse!
  nokogiri (>= 1.11.4)
  pluto
  pluto-models
  rake

BUNDLED WITH
   2.2.6
